GEM
  remote: https://rubygems.org/
  specs:
    os (0.9.6)
    ptools (1.2.4)
    rake (10.3.1)

PLATFORMS
  ruby

DEPENDENCIES
  os (>= 0.9.6)
  ptools (>= 1.2.4)
  rake (>= 10.1.1)
